GEM
  remote: https://rubygems.org/
  specs:
    docker-api (1.33.2)
      excon (>= 0.38.0)
      json
    excon (0.55.0)
    json (2.0.3)

PLATFORMS
  ruby

DEPENDENCIES
  docker-api

BUNDLED WITH
   1.14.5
